GEM
  remote: http://rubygems.org/
  specs:
    commonjs (0.2.7)
    daemons (1.1.9)
    eventmachine (1.0.6)
    jsmin (1.0.1)
    less (2.6.0)
      commonjs (~> 0.2.7)
    libv8 (3.16.14.7)
    rack (1.6.0)
    rack-protection (1.5.3)
      rack
    rack-test (0.6.3)
      rack (>= 1.0)
    ref (1.0.5)
    sinatra (1.4.5)
      rack (~> 1.4)
      rack-protection (~> 1.4)
      tilt (~> 1.3, >= 1.3.4)
    sinatra-assetpack (0.3.3)
      jsmin
      rack-test
      sinatra
      tilt (>= 1.3.0, < 2.0)
    therubyracer (0.12.1)
      libv8 (~> 3.16.14.0)
      ref
    thin (1.6.3)
      daemons (~> 1.0, >= 1.0.9)
      eventmachine (~> 1.0)
      rack (~> 1.0)
    tilt (1.4.1)

PLATFORMS
  ruby

DEPENDENCIES
  less
  sinatra
  sinatra-assetpack
  therubyracer
  thin
